GEM
  remote: https://rubygems.org/
  specs:
    httpclient (2.8.3)
    jwt (2.2.1)

PLATFORMS
  ruby

DEPENDENCIES
  httpclient (= 2.8.3)
  jwt (= 2.2.1)

BUNDLED WITH
   2.1.2
